GIT
  remote: https://github.com/Eugenpaul/digest-sha3-ruby.git
  revision: e72822f8a73a91fb76c6da0be024178cdaedafa4
  branch: fix_format_security
  specs:
    digest-sha3 (1.1.0)

PATH
  remote: .
  specs:
    w3 (0.0.0)
      speculation

GEM
  remote: https://rubygems.org/
  specs:
    concurrent-ruby (1.0.5)
    diff-lcs (1.3)
    rantly (1.1.0)
    rspec (3.7.0)
      rspec-core (~> 3.7.0)
      rspec-expectations (~> 3.7.0)
      rspec-mocks (~> 3.7.0)
    rspec-core (3.7.1)
      rspec-support (~> 3.7.0)
    rspec-expectations (3.7.0)
      diff-lcs (>= 1.2.0, < 2.0)
      rspec-support (~> 3.7.0)
    rspec-mocks (3.7.0)
      diff-lcs (>= 1.2.0, < 2.0)
      rspec-support (~> 3.7.0)
    rspec-support (3.7.1)
    speculation (0.4.2)
      concurrent-ruby (~> 1.0)
      rantly (~> 1.0)

PLATFORMS
  ruby

DEPENDENCIES
  digest-sha3!
  rspec
  rspec-core
  w3!

BUNDLED WITH
   1.16.1
